PATH
  remote: .
  specs:
    cloud_connect (0.0.1)
      faraday (~> 0.5.0)
      faraday_middleware (~> 0.1.6)
      hashie (~> 0.4.0)
      json
      multi_json (~> 0.0.0)

GEM
  remote: http://rubygems.org/
  specs:
    addressable (2.2.3)
    diff-lcs (1.1.2)
    faraday (0.5.4)
      addressable (~> 2.2.2)
      multipart-post (~> 1.1.0)
      rack (>= 1.1.0, < 2)
    faraday_middleware (0.1.7)
      faraday (~> 0.5.1)
    hashie (0.4.0)
    json (1.4.6)
    multi_json (0.0.5)
    multipart-post (1.1.0)
    rack (1.2.1)
    rspec (2.4.0)
      rspec-core (~> 2.4.0)
      rspec-expectations (~> 2.4.0)
      rspec-mocks (~> 2.4.0)
    rspec-core (2.4.0)
    rspec-expectations (2.4.0)
      diff-lcs (~> 1.1.2)
    rspec-mocks (2.4.0)

PLATFORMS
  ruby

DEPENDENCIES
  bundler (>= 1.0.0)
  cloud_connect!
  faraday (~> 0.5.0)
  faraday_middleware (~> 0.1.6)
  hashie (~> 0.4.0)
  json
  multi_json (~> 0.0.0)
  rspec
